PATH
  remote: .
  specs:
    mimic (0.4.3)
      json
      plist
      rack
      sinatra

GEM
  remote: http://rubygems.org/
  specs:
    builder (3.0.0)
    cucumber (1.0.0)
      builder (>= 2.1.2)
      diff-lcs (>= 1.1.2)
      gherkin (~> 2.4.1)
      json (>= 1.4.6)
      term-ansicolor (>= 1.0.5)
    diff-lcs (1.1.2)
    gherkin (2.4.1)
      json (>= 1.4.6)
    json (1.5.3)
    mime-types (1.16)
    mocha (0.9.12)
    plist (3.1.0)
    rack (1.3.0)
    rest-client (1.6.3)
      mime-types (>= 1.16)
    rspec (2.4.0)
      rspec-core (~> 2.4.0)
      rspec-expectations (~> 2.4.0)
      rspec-mocks (~> 2.4.0)
    rspec-core (2.4.0)
    rspec-expectations (2.4.0)
      diff-lcs (~> 1.1.2)
    rspec-mocks (2.4.0)
    sinatra (1.2.6)
      rack (~> 1.1)
      tilt (< 2.0, >= 1.2.2)
    term-ansicolor (1.0.5)
    tilt (1.3.2)

PLATFORMS
  ruby

DEPENDENCIES
  cucumber
  mimic!
  mocha
  rest-client
  rspec (~> 2.4.0)
